GEM
  remote: http://rubygems.org/
  specs:
    text (1.0.3)

PLATFORMS
  ruby

DEPENDENCIES
  text
